PATH
  remote: .
  specs:
    monit_monitor (0.0.1)
      monittr
      sinatra

GEM
  remote: https://rubygems.org/
  specs:
    domain_name (0.5.25)
      unf (>= 0.0.5, < 1.0.0)
    http-cookie (1.0.2)
      domain_name (~> 0.5)
    mime-types (2.99)
    mini_portile2 (2.3.0)
    monittr (0.0.7)
      bundler (> 1)
      nokogiri
      rest-client
      sinatra
    netrc (0.11.0)
    nokogiri (1.8.2)
      mini_portile2 (~> 2.3.0)
    rack (1.6.10)
    rack-protection (1.5.5)
      rack
    rest-client (1.8.0)
      http-cookie (>= 1.0.2, < 2.0)
      mime-types (>= 1.16, < 3.0)
      netrc (~> 0.7)
    sinatra (1.4.6)
      rack (~> 1.4)
      rack-protection (~> 1.4)
      tilt (>= 1.3, < 3)
    tilt (2.0.1)
    unf (0.1.4)
      unf_ext
    unf_ext (0.0.7.1)

PLATFORMS
  ruby

DEPENDENCIES
  monit_monitor!

BUNDLED WITH
   1.16.1
